{
    "Modality": "PT",
    "Manufacturer": "Siemens",
    "ManufacturersModelName": "Biograph 64_mCT",
    "InstitutionName": "NIH",
    "InstitutionalDepartmentName": "NIMH MIB",
    "InstitutionAddress": "10 Center Drive, Bethesda, MD 20892",
    "DeviceSerialNumber": "60005",
    "StationName": "MIAWP60005",
    "PatientPosition": "FFS",
    "SoftwareVersions": "VG60A",
    "SeriesDescription": "PET Brain Dyn TOF",
    "ProtocolName": "PET Brain Dyn TOF",
    "ImageType": [
        "ORIGINAL",
        "PRIMARY"
    ],
    "SeriesNumber": 6,
    "AcquisitionTime": "10:21:43.000000",
    "AcquisitionNumber": 2001,
    "ImageComments": "Frame 1 of 33^AC_CT_Brain",
    "Radiopharmaceutical": "ps13",
    "RadionuclidePositronFraction": 0.997669,
    "RadionuclideTotalDose": 543530000.0,
    "RadionuclideHalfLife": 1220.04,
    "DoseCalibrationFactor": 30538600.0,
    "Units": "Bq/mL",
    "ReconstructionMethod": "PSF+TOF 3i21s",
    "DecayCorrectionFactor": [
        1.01719,
        1.03468,
        1.05246,
        1.07055,
        1.08896,
        1.10768,
        1.13636,
        1.17576,
        1.21653,
        1.28036,
        1.37069,
        1.54438,
        1.83137,
        2.17169,
        2.57524,
        3.05379,
        3.62127,
        4.2942,
        5.09218,
        6.03844,
        7.16055,
        8.49117,
        10.0691,
        11.9402,
        14.159,
        16.7901,
        19.9101,
        23.61,
        27.9974,
        33.2,
        39.3695,
        46.6854,
        55.3608
    ],
    "FrameTimesStart": [
        0,
        30,
        60,
        90,
        120,
        150,
        180,
        240,
        300,
        360,
        480,
        600,
        900,
        1200,
        1500,
        1800,
        2100,
        2400,
        2700,
        3000,
        3300,
        3600,
        3900,
        4200,
        4500,
        4800,
        5100,
        5400,
        5700,
        6000,
        6300,
        6600,
        6900
    ],
    "FrameDuration": [
        30,
        30,
        30,
        30,
        30,
        30,
        60,
        60,
        60,
        120,
        120,
        300,
        300,
        300,
        300,
        300,
        300,
        300,
        300,
        300,
        300,
        300,
        300,
        300,
        300,
        300,
        300,
        300,
        300,
        300,
        300,
        300,
        300
    ],
    "SliceThickness": 2,
    "ImageOrientationPatientDICOM": [
        1,
        0,
        0,
        0,
        1,
        0
    ],
    "ConversionSoftware": [
        "dcm2niix",
        "pypet2bids"
    ],
    "ConversionSoftwareVersion": [
        "v1.0.20211006",
        "0.0.13"
    ],
    "ReconFilterSize": 2.0,
    "ReconFilterType": "XYZ Gauss",
    "TracerName": "[11C]PS13",
    "TracerRadionuclide": "11C",
    "InjectedRadioactivity": 695230000.0,
    "InjectedRadioactivityUnits": "Bq",
    "InjectedMass": 5.567471508109904,
    "InjectedMassUnits": "nmol",
    "SpecificRadioactivity": 341066000000000,
    "SpecificRadioactivityUnits": "Bq/mol",
    "ModeOfAdministration": "bolus",
    "TimeZero": "13:13:03",
    "InjectionStart": 0,
    "AcquisitionMode": "dynamic",
    "ImageDecayCorrected": true,
    "ImageDecayCorrectionTime": 0,
    "ReconMethodName": "Point-Spread Function + Time Of Flight",
    "ReconMethodParameterLabels": [
        "subsets",
        "iterations"
    ],
    "ReconMethodParameterUnits": [
        "none, none"
    ],
    "ReconMethodParameterValues": [
        21,
        3
    ],
    "AttenuationCorrection": "measured,AC_CT_Brain",
    "ScanStart": 0,
    "Haematocrit": 0.418
}