{
    "Modality": "PT",
    "Manufacturer": "Siemens",
    "ManufacturersModelName": "Biograph 64_mCT",
    "InstitutionName": "NIH",
    "InstitutionalDepartmentName": "NIMH MIB",
    "InstitutionAddress": "10 Center Drive, Bethesda, MD 20892",
    "DeviceSerialNumber": "60005",
    "StationName": "MIAWP60005",
    "PatientPosition": "FFS",
    "SoftwareVersions": "VG60A",
    "SeriesDescription": "PET Brain Dyn TOF",
    "ProtocolName": "PET Brain Dyn TOF",
    "ImageType": [
        "ORIGINAL",
        "PRIMARY"
    ],
    "SeriesNumber": 5,
    "AcquisitionTime": "10:20:16.000000",
    "AcquisitionNumber": 2001,
    "ImageComments": "Frame 1 of 33^AC_CT_Brain",
    "Radiopharmaceutical": "ps13",
    "RadionuclidePositronFraction": 0.997669,
    "RadionuclideTotalDose": 284530000.0,
    "RadionuclideHalfLife": 1220.04,
    "DoseCalibrationFactor": 30495400.0,
    "Units": "Bq/mL",
    "ReconstructionMethod": "PSF+TOF 3i21s",
    "DecayCorrectionFactor": [
        1.01028,
        1.02765,
        1.04531,
        1.06328,
        1.08156,
        1.10015,
        1.12864,
        1.16778,
        1.20827,
        1.27166,
        1.36138,
        1.53389,
        1.81893,
        2.15693,
        2.55775,
        3.03305,
        3.59667,
        4.26503,
        5.05758,
        5.99742,
        7.1119,
        8.43348,
        10.0007,
        11.859,
        14.0628,
        16.676,
        19.7749,
        23.4496,
        27.8071,
        32.9745,
        39.102,
        46.3682,
        54.9847
    ],
    "FrameTimesStart": [
        0,
        30,
        60,
        90,
        120,
        150,
        180,
        240,
        300,
        360,
        480,
        600,
        900,
        1200,
        1500,
        1800,
        2100,
        2400,
        2700,
        3000,
        3300,
        3600,
        3900,
        4200,
        4500,
        4800,
        5100,
        5400,
        5700,
        6000,
        6300,
        6600,
        6900
    ],
    "FrameDuration": [
        30,
        30,
        30,
        30,
        30,
        30,
        60,
        60,
        60,
        120,
        120,
        300,
        300,
        300,
        300,
        300,
        300,
        300,
        300,
        300,
        300,
        300,
        300,
        300,
        300,
        300,
        300,
        300,
        300,
        300,
        300,
        300,
        300
    ],
    "SliceThickness": 2,
    "ImageOrientationPatientDICOM": [
        1,
        0,
        0,
        0,
        1,
        0
    ],
    "ConversionSoftware": [
        "dcm2niix",
        "pypet2bids"
    ],
    "ConversionSoftwareVersion": [
        "v1.0.20211006",
        "0.0.13"
    ],
    "ReconFilterSize": 2.0,
    "ReconFilterType": "XYZ Gauss",
    "TracerName": "[11C]PS13",
    "TracerRadionuclide": "11C",
    "InjectedRadioactivity": 284530000.0,
    "InjectedRadioactivityUnits": "Bq",
    "InjectedMass": 5.762823493846516,
    "InjectedMassUnits": "nmol",
    "SpecificRadioactivity": 341066000000000,
    "SpecificRadioactivityUnits": "Bq/mol",
    "ModeOfAdministration": "bolus",
    "TimeZero": "10:20:13",
    "InjectionStart": 0,
    "AcquisitionMode": "dynamic",
    "ImageDecayCorrected": true,
    "ImageDecayCorrectionTime": 3,
    "ReconMethodName": "Point-Spread Function + Time Of Flight",
    "ReconMethodParameterLabels": [
        "subsets",
        "iterations"
    ],
    "ReconMethodParameterUnits": [
        "none, none"
    ],
    "ReconMethodParameterValues": [
        21,
        3
    ],
    "AttenuationCorrection": "measured,AC_CT_Brain",
    "ScanStart": 3 
}
