{
    "Modality": "PT",
    "Manufacturer": "Siemens",
    "ManufacturersModelName": "Biograph 64_mCT",
    "InstitutionName": "NIH",
    "InstitutionalDepartmentName": "NIMH MIB",
    "InstitutionAddress": "10 Center Drive, Bethesda, MD 20892",
    "DeviceSerialNumber": "60005",
    "StationName": "MIAWP60005",
    "PatientPosition": "FFS",
    "SoftwareVersions": "VG60A",
    "SeriesDescription": "PET Brain Dyn TOF",
    "ProtocolName": "PET Brain Dyn TOF",
    "ImageType": [
        "ORIGINAL",
        "PRIMARY"
    ],
    "SeriesNumber": 5,
    "AcquisitionTime": "10:14:43.000000",
    "AcquisitionNumber": 2001,
    "ImageComments": "Frame 1 of 33^AC_CT_Brain",
    "Radiopharmaceutical": "ps13",
    "RadionuclidePositronFraction": 0.997669,
    "RadionuclideTotalDose": 692640000.0,
    "RadionuclideHalfLife": 1220.04,
    "DoseCalibrationFactor": 30379400.0,
    "ConvolutionKernel": "XYZ Gauss2.00",
    "Units": "Bq/mL",
    "ReconstructionMethod": "PSF+TOF 3i21s",
    "DecayFactor": [
        1.00971,
        1.02706,
        1.04472,
        1.06268,
        1.08094,
        1.09953,
        1.128,
        1.16711,
        1.20758,
        1.27094,
        1.3606,
        1.53302,
        1.81789,
        2.15571,
        2.55629,
        3.03132,
        3.59462,
        4.2626,
        5.05471,
        5.99401,
        7.10786,
        8.42869,
        9.99497,
        11.8523,
        14.0548,
        16.6665,
        19.7636,
        23.4363,
        27.7913,
        32.9557,
        39.0798,
        46.3419,
        54.9534
    ],
    "FrameTimesStart": [
        0,
        30,
        60,
        90,
        120,
        150,
        180,
        240,
        300,
        360,
        480,
        600,
        900,
        1200,
        1500,
        1800,
        2100,
        2400,
        2700,
        3000,
        3300,
        3600,
        3900,
        4200,
        4500,
        4800,
        5100,
        5400,
        5700,
        6000,
        6300,
        6600,
        6900
    ],
    "FrameDuration": [
        30,
        30,
        30,
        30,
        30,
        30,
        60,
        60,
        60,
        120,
        120,
        300,
        300,
        300,
        300,
        300,
        300,
        300,
        300,
        300,
        300,
        300,
        300,
        300,
        300,
        300,
        300,
        300,
        300,
        300,
        300,
        300,
        300
    ],
    "SliceThickness": 2,
    "ImageOrientationPatientDICOM": [
        1,
        0,
        0,
        0,
        1,
        0
    ],
    "ConversionSoftware": "dcm2niix",
    "ConversionSoftwareVersion": "v1.0.20211006",
    "TracerName": "[11C]PS13",
    "TracerRadionuclide": "11C",
    "InjectedRadioactivity": 692640000.0,
    "InjectedRadioactivityUnits": "Bq",
    "InjectedMass": 10.609654821611473,
    "InjectedMassUnits": "nmol",
    "SpecificRadioactivity": 341066000000000,
    "SpecificRadioactivityUnits": "Bq/mol",
    "ModeOfAdministration": "bolus",
    "TimeZero": "10:14:41",
    "InjectionStart": 0,
    "AcquisitionMode": "dynamic",
    "ImageDecayCorrected": true,
    "ImageDecayCorrectionTime": 0,
    "ReconMethodName": "Point-Spread Function + Time Of Flight",
    "ReconMethodParameterLabels": [
        "subsets",
        "iterations"
    ],
    "ReconMethodParameterUnits": [
        "none, none"
    ],
    "ReconMethodParameterValues": [
        21,
        3
    ],
    "AttenuationCorrection": "measured,AC_CT_Brain",
    "ReconFilterSize": 2.0,
    "ReconFilterType": "XYZ Gauss",
    "ScanStart": 2 
}
