{
    "Modality": "PT",
    "Manufacturer": "Siemens",
    "ManufacturersModelName": "Biograph 64_mCT",
    "InstitutionName": "NIH",
    "InstitutionalDepartmentName": "NIMH MIB",
    "InstitutionAddress": "10 Center Drive, Bethesda, MD 20892",
    "DeviceSerialNumber": "60005",
    "StationName": "MIAWP60005",
    "PatientPosition": "FFS",
    "SoftwareVersions": "VG60A",
    "SeriesDescription": "PET Brain Dyn TOF",
    "ProtocolName": "PET Brain Dyn TOF",
    "ImageType": [
        "ORIGINAL",
        "PRIMARY"
    ],
    "SeriesNumber": 5,
    "AcquisitionNumber": 2001,
    "ImageComments": "Frame 1 of 21^AC_CT_Brain",
    "Radiopharmaceutical": "ps13",
    "RadionuclidePositronFraction": 0.997669,
    "RadionuclideTotalDose": 768490000.0,
    "RadionuclideHalfLife": 1220.04,
    "DoseCalibrationFactor": 30574000.0,
    "Units": "Bq/mL",
    "DecayCorrectionFactor": [
        1.01143,
        1.02881,
        1.0465,
        1.06449,
        1.08279,
        1.1014,
        1.12992,
        1.1691,
        1.20964,
        1.2731,
        1.36293,
        1.53563,
        1.82099,
        2.15938,
        2.56065,
        3.03649,
        3.60076,
        4.26987,
        5.06333,
        6.00424,
        7.11998
    ],
    "FrameTimesStart": [
        0,
        30,
        60,
        90,
        120,
        150,
        180,
        240,
        300,
        360,
        480,
        600,
        900,
        1200,
        1500,
        1800,
        2100,
        2400,
        2700,
        3000,
        3300
    ],
    "FrameDuration": [
        30,
        30,
        30,
        30,
        30,
        30,
        60,
        60,
        60,
        120,
        120,
        300,
        300,
        300,
        300,
        300,
        300,
        300,
        300,
        300,
        300
    ],
    "SliceThickness": 2,
    "ImageOrientationPatientDICOM": [
        1,
        0,
        0,
        0,
        1,
        0
    ],
    "ConversionSoftware": [
        "dcm2niix",
        "pypet2bids"
    ],
    "ConversionSoftwareVersion": [
        "v1.0.20211006",
        "0.0.15"
    ],
    "ReconMethodName": "Point-Spread Function + Time Of Flight",
    "ReconMethodParameterUnits": [
        "none, none"
    ],
    "ReconMethodParameterLabels": [
        "subsets",
        "iterations"
    ],
    "ReconMethodParameterValues": [
        21,
        3
    ],
    "AttenuationCorrection": "measured, AC_CT_Brain",
    "ScatterFraction": [
        0.126623
    ],
    "TimeZero": "14:15:05",
    "ScanStart": 5,
    "InjectionTime": 0,
    "ReconFilterSize": 2.0,
    "ReconFilterType": "XYZ Gauss",
    "TracerName": "[11C]PS13",
    "TracerRadionuclide": "11C",
    "InjectedRadioactivity": 768490000.0,
    "InjectedRadioactivityUnits": "Bq",
    "InjectedMass": 7.6730315152464845,
    "InjectedMassUnits": "nmol",
    "SpecificRadioactivity": 341066000000000,
    "SpecificRadioactivityUnits": "Bq/mol",
    "ModeOfAdministration": "bolus",
    "InjectionStart": 0,
    "AcquisitionMode": "dynamic",
    "ImageDecayCorrected": true,
    "ImageDecayCorrectionTime": 0,
    "Haematocrit": 0.447
}