{
	"Modality": "MR",
	"MagneticFieldStrength": 3,
	"ImagingFrequency": 127.778,
	"Manufacturer": "Philips",
	"ManufacturersModelName": "Achieva",
	"InstitutionName": "NIH Clinical Center",
	"InstitutionalDepartmentName": "Radiology MR2",
	"DeviceSerialNumber": "17384",
	"StationName": "PHILIPS-GN34U7Q",
	"BodyPartExamined": "BRAIN",
	"PatientPosition": "HFS",
	"ProcedureStepDescription": "MRI Brain",
	"SoftwareVersions": "5.3.1\\5.3.1.2",
	"MRAcquisitionType": "3D",
	"SeriesDescription": "3D T1 TFE SAG 1",
	"ProtocolName": "3D T1 TFE SAG 1",
	"ScanningSequence": "GR",
	"SequenceVariant": "MP",
	"ScanOptions": "OTHER",
	"ImageType": ["ORIGINAL", "PRIMARY", "M", "FFE", "M", "FFE"],
	"SeriesNumber": 201,
	"AcquisitionTime": "17:45:37.690000",
	"AcquisitionNumber": 2,
	"SliceThickness": 1,
	"SpacingBetweenSlices": 1,
	"SAR": 0.0149849,
	"EchoTime": 0.003741,
	"RepetitionTime": 0.0081784,
	"FlipAngle": 8,
	"CoilString": "SENSE_HEAD_8",
	"PercentPhaseFOV": 100,
	"PercentSampling": 100,
	"EchoTrainLength": 240,
	"PhaseEncodingSteps": 240,
	"AcquisitionMatrixPE": 240,
	"ReconMatrixPE": 256,
	"PixelBandwidth": 191,
	"PhaseEncodingAxis": "i",
	"ImageOrientationPatientDICOM": [
		0.101408,
		0.994304,
		0.032803,
		-0.00488031,
		0.0334697,
		-0.999428	],
	"InPlanePhaseEncodingDirectionDICOM": "ROW",
	"ConversionSoftware": "dcm2niix",
	"ConversionSoftwareVersion": "v1.0.20211006"
}
