{
    "Modality": "PT",
    "Manufacturer": "Siemens",
    "ManufacturersModelName": "Biograph 64_mCT",
    "InstitutionName": "NIH",
    "InstitutionalDepartmentName": "NIMH MIB",
    "InstitutionAddress": "10 Center Drive, Bethesda, MD 20892",
    "DeviceSerialNumber": "60005",
    "StationName": "MIAWP60005",
    "PatientPosition": "FFS",
    "SoftwareVersions": "VG60A",
    "SeriesDescription": "PET Brain Dyn TOF",
    "ProtocolName": "PET Brain Dyn TOF",
    "ImageType": [
        "ORIGINAL",
        "PRIMARY"
    ],
    "SeriesNumber": 5,
    "AcquisitionNumber": 2001,
    "ImageComments": "Frame 1 of 33^AC_CT_Brain",
    "Radiopharmaceutical": "ps13",
    "RadionuclidePositronFraction": 0.997669,
    "RadionuclideTotalDose": 717800000.0,
    "RadionuclideHalfLife": 1220.04,
    "DoseCalibrationFactor": 30463100.0,
    "Units": "Bq/mL",
    "DecayCorrectionFactor": [
        1.01085,
        1.02823,
        1.04591,
        1.06388,
        1.08217,
        1.10078,
        1.12928,
        1.16844,
        1.20896,
        1.27238,
        1.36215,
        1.53476,
        1.81996,
        2.15816,
        2.5592,
        3.03477,
        3.59871,
        4.26745,
        5.06046,
        6.00083,
        7.11594,
        8.43827,
        10.0063,
        11.8658,
        14.0708,
        16.6855,
        19.7861,
        23.4629,
        27.8229,
        32.9932,
        39.1242,
        46.3946,
        55.0159
    ],
    "FrameTimesStart": [
        0,
        30,
        60,
        90,
        120,
        150,
        180,
        240,
        300,
        360,
        480,
        600,
        900,
        1200,
        1500,
        1800,
        2100,
        2400,
        2700,
        3000,
        3300,
        3600,
        3900,
        4200,
        4500,
        4800,
        5100,
        5400,
        5700,
        6000,
        6300,
        6600,
        6900
    ],
    "FrameDuration": [
        30,
        30,
        30,
        30,
        30,
        30,
        60,
        60,
        60,
        120,
        120,
        300,
        300,
        300,
        300,
        300,
        300,
        300,
        300,
        300,
        300,
        300,
        300,
        300,
        300,
        300,
        300,
        300,
        300,
        300,
        300,
        300,
        300
    ],
    "SliceThickness": 2,
    "ImageOrientationPatientDICOM": [
        1,
        0,
        0,
        0,
        1,
        0
    ],
    "ConversionSoftware": [
        "dcm2niix",
        "pypet2bids"
    ],
    "ConversionSoftwareVersion": [
        "v1.0.20211006",
        "0.0.13"
    ],
    "ReconMethodName": "Point-Spread Function + Time Of Flight",
    "ReconMethodParameterUnits": [
        "none, none"
    ],
    "ReconMethodParameterLabels": [
        "subsets",
        "iterations"
    ],
    "ReconMethodParameterValues": [
        21,
        3
    ],
    "AttenuationCorrection": "measured,AC_CT_Brain",
    "ScatterFraction": [
        0.25079
    ],
    "TimeZero": "13:20:08",
    "ScanStart": 4,
    "ReconFilterSize": 2.0,
    "ReconFilterType": "XYZ Gauss",
    "TracerName": "[11C]PS13",
    "TracerRadionuclide": "11C",
    "InjectedRadioactivity": 717800000.0,
    "InjectedRadioactivityUnits": "Bq",
    "InjectedMass": 2.256732391089397,
    "InjectedMassUnits": "nmol",
    "SpecificRadioactivity": 341066000000000,
    "SpecificRadioactivityUnits": "Bq/mol",
    "ModeOfAdministration": "bolus",
    "InjectionStart": 0,
    "AcquisitionMode": "dynamic",
    "ImageDecayCorrected": true,
    "ImageDecayCorrectionTime": 4,
    "Haematocrit": 0.425
}