{
    "Modality": "PT",
    "Manufacturer": "Siemens",
    "ManufacturersModelName": "Biograph 64_mCT",
    "InstitutionName": "NIH",
    "InstitutionalDepartmentName": "NIMH MIB",
    "InstitutionAddress": "10 Center Drive, Bethesda, MD 20892",
    "DeviceSerialNumber": "60005",
    "StationName": "MIAWP60005",
    "PatientPosition": "FFS",
    "SoftwareVersions": "VG60A",
    "SeriesDescription": "PET Brain Dyn TOF",
    "ProtocolName": "PET Brain Dyn TOF",
    "ImageType": [
        "ORIGINAL",
        "PRIMARY"
    ],
    "SeriesNumber": 5,
    "AcquisitionNumber": 2001,
    "ImageComments": "Frame 1 of 33^AC_CT_Brain",
    "Radiopharmaceutical": "ps13",
    "RadionuclidePositronFraction": 0.997669,
    "RadionuclideTotalDose": 722980000.0,
    "RadionuclideHalfLife": 1220.04,
    "DoseCalibrationFactor": 30612900.0,
    "Units": "Bq/mL",
    "DecayCorrection": "ADMIN",
    "AttenuationCorrectionMethod": "measured,AC_CT_Brain",
    "DecayCorrectionFactor": [
        1.00913,
        1.02648,
        1.04412,
        1.06207,
        1.08033,
        1.0989,
        1.12736,
        1.16645,
        1.2069,
        1.27021,
        1.35983,
        1.53215,
        1.81686,
        2.15448,
        2.55484,
        3.0296,
        3.59258,
        4.26018,
        5.05184,
        5.99061,
        7.10382,
        8.4239,
        9.98929,
        11.8456,
        14.0468,
        16.6571,
        19.7524,
        23.4229,
        27.7756,
        32.937,
        39.0576,
        46.3155,
        54.9222
    ],
    "FrameTimesStart": [
        0,
        30,
        60,
        90,
        120,
        150,
        180,
        240,
        300,
        360,
        480,
        600,
        900,
        1200,
        1500,
        1800,
        2100,
        2400,
        2700,
        3000,
        3300,
        3600,
        3900,
        4200,
        4500,
        4800,
        5100,
        5400,
        5700,
        6000,
        6300,
        6600,
        6900
    ],
    "FrameDuration": [
        30,
        30,
        30,
        30,
        30,
        30,
        60,
        60,
        60,
        120,
        120,
        300,
        300,
        300,
        300,
        300,
        300,
        300,
        300,
        300,
        300,
        300,
        300,
        300,
        300,
        300,
        300,
        300,
        300,
        300,
        300,
        300,
        300
    ],
    "SliceThickness": 2,
    "ImageOrientationPatientDICOM": [
        1,
        0,
        0,
        0,
        1,
        0
    ],
    "ConversionSoftware": [
        "dcm2niix",
        "pypet2bids"
    ],
    "ConversionSoftwareVersion": [
        "v1.0.20211006",
        "0.0.13"
    ],
    "ReconMethodName": "Point-Spread Function + Time Of Flight",
    "ReconMethodParameterUnits": [
        "none, none"
    ],
    "ReconMethodParameterLabels": [
        "subsets",
        "iterations"
    ],
    "ReconMethodParameterValues": [
        21,
        3
    ],
    "AttenuationCorrection": "true",
    "TimeZero": "14:19:59",
    "ScanStart": 2,
    "InjectionStart": 0,
    "ReconFilterSize": 2.0,
    "ReconFilterType": "XYZ Gauss0",
    "TracerName": "[11C]PS13",
    "TracerRadionuclide": "11C",
    "InjectedRadioactivity": 722980000.0,
    "InjectedRadioactivityUnits": "Bq",
    "InjectedMass": 4.283495807042,
    "InjectedMassUnits": "nmol",
    "SpecificRadioactivity": 341066000000000,
    "SpecificRadioactivityUnits": "Bq/mol",
    "ModeOfAdministration": "bolus",
    "AcquisitionMode": "dynamic",
    "ImageDecayCorrected": true,
    "ImageDecayCorrectionTime": 0,
    "Haematocrit": 0.415
}